PATH
  remote: .
  specs:
    driv.in (0.1.0)
      faraday (~> 2.8)
      zeitwerk (~> 2.6)

GEM
  remote: https://rubygems.org/
  specs:
    base64 (0.2.0)
    faraday (2.8.1)
      base64
      faraday-net_http (>= 2.0, < 3.1)
      ruby2_keywords (>= 0.0.4)
    faraday-net_http (3.0.2)
    ruby2_keywords (0.0.5)
    zeitwerk (2.6.14)

PLATFORMS
  ruby

DEPENDENCIES
  driv.in!

BUNDLED WITH
   2.1.4
